GEM
  remote: https://rubygems.org/
  specs:
    diff-lcs (1.2.4)
    facter (1.7.1)
    hiera (1.2.1)
      json_pure
    highline (1.6.19)
    json_pure (1.8.0)
    metaclass (0.0.1)
    mocha (0.14.0)
      metaclass (~> 0.0.1)
    net-ssh (2.6.7)
    puppet (3.1.1)
      facter (~> 1.6)
      hiera (~> 1.0)
    puppetlabs_spec_helper (0.4.1)
      mocha (>= 0.10.5)
      rake
      rspec (>= 2.9.0)
      rspec-puppet (>= 0.1.1)
    rake (10.0.4)
    rspec (2.13.0)
      rspec-core (~> 2.13.0)
      rspec-expectations (~> 2.13.0)
      rspec-mocks (~> 2.13.0)
    rspec-core (2.13.1)
    rspec-expectations (2.13.0)
      diff-lcs (>= 1.1.3, < 2.0)
    rspec-mocks (2.13.1)
    rspec-puppet (0.1.6)
      rspec
    serverspec (0.4.0)
      highline
      net-ssh
      rspec (~> 2.0)

PLATFORMS
  ruby

DEPENDENCIES
  puppet
  puppetlabs_spec_helper
  serverspec
